GEM
  remote: http://rubygems.org/
  specs:
    colorator (0.1)
    ffi (1.9.10-x86-mingw32)
    jekyll (3.1.2)
      colorator (~> 0.1)
      jekyll-sass-converter (~> 1.0)
      jekyll-watch (~> 1.1)
      kramdown (~> 1.3)
      liquid (~> 3.0)
      mercenary (~> 0.3.3)
      rouge (~> 1.7)
      safe_yaml (~> 1.0)
    jekyll-paginate (1.1.0)
    jekyll-sass-converter (1.4.0)
      sass (~> 3.4)
    jekyll-watch (1.3.1)
      listen (~> 3.0)
    jekyll_ext (0.1.4)
    kramdown (1.9.0)
    liquid (3.0.6)
    listen (3.0.6)
      rb-fsevent (>= 0.9.3)
      rb-inotify (>= 0.9.7)
    mercenary (0.3.5)
    nokogiri (1.5.5-x86-mingw32)
    rb-fsevent (0.9.7)
    rb-inotify (0.9.7)
      ffi (>= 0.5.0)
    rdiscount (2.1.8)
    rouge (1.10.1)
    safe_yaml (1.0.4)
    sass (3.4.21)
    wdm (0.1.1)

PLATFORMS
  x86-mingw32

DEPENDENCIES
  jekyll
  jekyll-paginate
  jekyll_ext
  liquid
  nokogiri
  rdiscount
  wdm (>= 0.1.0)

BUNDLED WITH
   1.11.2
